GEM
  remote: https://rubygems.org/
  specs:
    addressable (2.4.0)
    data_objects (0.10.17)
      addressable (~> 2.1)
    dm-aggregates (1.2.0)
      dm-core (~> 1.2.0)
    dm-core (1.2.1)
      addressable (~> 2.3)
    dm-do-adapter (1.2.0)
      data_objects (~> 0.10.6)
      dm-core (~> 1.2.0)
    dm-postgres-adapter (1.2.0)
      dm-do-adapter (~> 1.2.0)
      do_postgres (~> 0.10.6)
    dm-timestamps (1.2.0)
      dm-core (~> 1.2.0)
    dm-validations (1.2.0)
      dm-core (~> 1.2.0)
    do_postgres (0.10.17)
      data_objects (= 0.10.17)
    docile (1.1.5)
    faraday (0.9.2)
      multipart-post (>= 1.2, < 3)
    foreman (0.78.0)
      thor (~> 0.19.1)
    json (1.8.3)
    mimemagic (0.3.1)
    multipart-post (2.0.0)
    newrelic_rpm (3.15.1.316)
    puma (3.4.0)
    r18n-core (2.1.3)
    rack (1.6.4)
    rack-canonical-host (0.2.1)
      addressable (> 0, < 3)
      rack (>= 1.0.0, < 3)
    rack-protection (1.5.3)
      rack
    rack-test (0.6.3)
      rack (>= 1.0)
    rake (11.1.2)
    rb-fsevent (0.9.7)
    redcarpet (3.3.4)
    sass (3.4.22)
    sendgrid-ruby (1.1.6)
      faraday (~> 0.9)
      mimemagic
      smtpapi (~> 0.1)
    shotgun (0.9.1)
      rack (>= 1.0)
    simplecov (0.11.2)
      docile (~> 1.1.0)
      json (~> 1.8)
      simplecov-html (~> 0.10.0)
    simplecov-html (0.10.0)
    sinatra (1.4.7)
      rack (~> 1.5)
      rack-protection (~> 1.4)
      tilt (>= 1.3, < 3)
    sinatra-r18n (2.1.3)
      r18n-core (= 2.1.3)
      sinatra (>= 1.3)
    smtpapi (0.1.0)
    thor (0.19.1)
    tilt (2.0.2)

PLATFORMS
  ruby

DEPENDENCIES
  dm-aggregates
  dm-core
  dm-postgres-adapter
  dm-timestamps
  dm-validations
  foreman
  newrelic_rpm
  puma
  rack-canonical-host
  rack-test
  rake
  rb-fsevent
  redcarpet
  sass
  sendgrid-ruby
  shotgun
  simplecov
  sinatra
  sinatra-r18n

BUNDLED WITH
   1.11.2
