GEM
  remote: https://rubygems.org/
  specs:
    addressable (2.5.0)
      public_suffix (~> 2.0, >= 2.0.2)
    data_objects (0.10.17)
      addressable (~> 2.1)
    dm-aggregates (1.2.0)
      dm-core (~> 1.2.0)
    dm-core (1.2.1)
      addressable (~> 2.3)
    dm-do-adapter (1.2.0)
      data_objects (~> 0.10.6)
      dm-core (~> 1.2.0)
    dm-postgres-adapter (1.2.0)
      dm-do-adapter (~> 1.2.0)
      do_postgres (~> 0.10.6)
    dm-timestamps (1.2.0)
      dm-core (~> 1.2.0)
    dm-validations (1.2.0)
      dm-core (~> 1.2.0)
    do_postgres (0.10.17)
      data_objects (= 0.10.17)
    docile (1.1.5)
    foreman (0.82.0)
      thor (~> 0.19.1)
    json (2.0.2)
    newrelic_rpm (3.17.2.327)
    public_suffix (2.0.4)
    puma (3.6.2)
    r18n-core (2.1.4)
    rack (1.6.5)
    rack-canonical-host (0.2.2)
      addressable (> 0, < 3)
      rack (>= 1.0.0, < 3)
    rack-protection (1.5.3)
      rack
    rack-test (0.6.3)
      rack (>= 1.0)
    rake (12.0.0)
    rb-fsevent (0.9.8)
    redcarpet (3.3.4)
    ruby_http_client (3.0.0)
    sass (3.4.22)
    sendgrid-ruby (4.0.6)
      ruby_http_client (~> 3.0.0)
    shotgun (0.9.2)
      rack (>= 1.0)
    simplecov (0.12.0)
      docile (~> 1.1.0)
      json (>= 1.8, < 3)
      simplecov-html (~> 0.10.0)
    simplecov-html (0.10.0)
    sinatra (1.4.7)
      rack (~> 1.5)
      rack-protection (~> 1.4)
      tilt (>= 1.3, < 3)
    sinatra-r18n (2.1.4)
      r18n-core (= 2.1.4)
      sinatra (>= 1.3)
    thor (0.19.4)
    tilt (2.0.5)

PLATFORMS
  ruby

DEPENDENCIES
  dm-aggregates
  dm-core
  dm-postgres-adapter
  dm-timestamps
  dm-validations
  foreman
  newrelic_rpm
  puma
  rack-canonical-host
  rack-test
  rake
  rb-fsevent
  redcarpet
  sass
  sendgrid-ruby
  shotgun
  simplecov
  sinatra
  sinatra-r18n

RUBY VERSION
   ruby 2.3.1p112

BUNDLED WITH
   1.13.6
