GEM
  remote: https://rubygems.org/
  specs:
    addressable (2.3.5)
    data_objects (0.10.13)
      addressable (~> 2.1)
    dm-aggregates (1.2.0)
      dm-core (~> 1.2.0)
    dm-core (1.2.1)
      addressable (~> 2.3)
    dm-do-adapter (1.2.0)
      data_objects (~> 0.10.6)
      dm-core (~> 1.2.0)
    dm-postgres-adapter (1.2.0)
      dm-do-adapter (~> 1.2.0)
      do_postgres (~> 0.10.6)
    dm-timestamps (1.2.0)
      dm-core (~> 1.2.0)
    dm-validations (1.2.0)
      dm-core (~> 1.2.0)
    do_postgres (0.10.13)
      data_objects (= 0.10.13)
    dotenv (0.8.0)
    foreman (0.63.0)
      dotenv (>= 0.7)
      thor (>= 0.13.6)
    multi_json (1.7.7)
    newrelic_rpm (3.6.5.130)
    puma (2.1.1)
      rack (>= 1.1, < 2.0)
    r18n-core (1.1.5)
    rack (1.5.2)
    rack-force_domain (0.2.0)
    rack-gauges (1.1.0)
    rack-protection (1.5.0)
      rack
    rack-test (0.6.2)
      rack (>= 1.0)
    rack-timeout (0.0.4)
    rb-fsevent (0.9.3)
    redcarpet (2.3.0)
    sass (3.2.9)
    shotgun (0.9)
      rack (>= 1.0)
    simplecov (0.7.1)
      multi_json (~> 1.0)
      simplecov-html (~> 0.7.1)
    simplecov-html (0.7.1)
    sinatra (1.4.3)
      rack (~> 1.4)
      rack-protection (~> 1.4)
      tilt (~> 1.3, >= 1.3.4)
    sinatra-r18n (1.1.5)
      r18n-core (= 1.1.5)
      sinatra (>= 1.3)
    thor (0.18.1)
    tilt (1.4.1)

PLATFORMS
  ruby

DEPENDENCIES
  dm-aggregates
  dm-core
  dm-postgres-adapter
  dm-timestamps
  dm-validations
  foreman
  newrelic_rpm
  puma
  rack-force_domain
  rack-gauges
  rack-test
  rack-timeout
  rb-fsevent
  redcarpet
  sass
  shotgun
  simplecov
  sinatra
  sinatra-r18n
