GEM
  remote: https://rubygems.org/
  specs:
    addressable (2.3.7)
    data_objects (0.10.15)
      addressable (~> 2.1)
    dm-aggregates (1.2.0)
      dm-core (~> 1.2.0)
    dm-core (1.2.1)
      addressable (~> 2.3)
    dm-do-adapter (1.2.0)
      data_objects (~> 0.10.6)
      dm-core (~> 1.2.0)
    dm-postgres-adapter (1.2.0)
      dm-do-adapter (~> 1.2.0)
      do_postgres (~> 0.10.6)
    dm-timestamps (1.2.0)
      dm-core (~> 1.2.0)
    dm-validations (1.2.0)
      dm-core (~> 1.2.0)
    do_postgres (0.10.15)
      data_objects (= 0.10.15)
    docile (1.1.5)
    dotenv (1.0.2)
    foreman (0.77.0)
      dotenv (~> 1.0.2)
      thor (~> 0.19.1)
    multi_json (1.11.0)
    newrelic_rpm (3.10.0.279)
    puma (2.11.1)
      rack (>= 1.1, < 2.0)
    r18n-core (2.0.3)
    rack (1.6.0)
    rack-canonical-host (0.1.0)
      addressable
      rack (~> 1.0)
    rack-protection (1.5.3)
      rack
    rack-test (0.6.3)
      rack (>= 1.0)
    rack-timeout (0.2.1)
    rb-fsevent (0.9.4)
    redcarpet (3.2.2)
    sass (3.4.13)
    shotgun (0.9.1)
      rack (>= 1.0)
    simplecov (0.9.2)
      docile (~> 1.1.0)
      multi_json (~> 1.0)
      simplecov-html (~> 0.9.0)
    simplecov-html (0.9.0)
    sinatra (1.4.5)
      rack (~> 1.4)
      rack-protection (~> 1.4)
      tilt (~> 1.3, >= 1.3.4)
    sinatra-r18n (2.0.3)
      r18n-core (= 2.0.3)
      sinatra (>= 1.3)
    thor (0.19.1)
    tilt (1.4.1)

PLATFORMS
  ruby

DEPENDENCIES
  dm-aggregates
  dm-core
  dm-postgres-adapter
  dm-timestamps
  dm-validations
  foreman
  newrelic_rpm
  puma
  rack-canonical-host
  rack-test
  rack-timeout
  rb-fsevent
  redcarpet
  sass
  shotgun
  simplecov
  sinatra
  sinatra-r18n
