GEM
  remote: https://rubygems.org/
  specs:
    addressable (2.4.0)
    docile (1.1.5)
    ffi (1.9.10)
    foreman (0.78.0)
      thor (~> 0.19.1)
    json (1.8.3)
    listen (3.0.6)
      rb-fsevent (>= 0.9.3)
      rb-inotify (>= 0.9.7)
    pg (0.18.4)
    puma (3.4.0)
    r18n-core (2.1.3)
    rack (1.6.4)
    rack-canonical-host (0.2.1)
      addressable (> 0, < 3)
      rack (>= 1.0.0, < 3)
    rack-protection (1.5.3)
      rack
    rack-test (0.6.3)
      rack (>= 1.0)
    rb-fsevent (0.9.7)
    rb-inotify (0.9.7)
      ffi (>= 0.5.0)
    redcarpet (3.3.4)
    rerun (0.11.0)
      listen (~> 3.0)
    sass (3.4.22)
    sequel (4.33.0)
    simplecov (0.11.2)
      docile (~> 1.1.0)
      json (~> 1.8)
      simplecov-html (~> 0.10.0)
    simplecov-html (0.10.0)
    sinatra (1.4.7)
      rack (~> 1.5)
      rack-protection (~> 1.4)
      tilt (>= 1.3, < 3)
    sinatra-r18n (2.1.3)
      r18n-core (= 2.1.3)
      sinatra (>= 1.3)
    thor (0.19.1)
    tilt (2.0.2)

PLATFORMS
  ruby

DEPENDENCIES
  foreman
  pg
  puma
  rack-canonical-host
  rack-test
  redcarpet
  rerun
  sass
  sequel
  simplecov
  sinatra
  sinatra-r18n

BUNDLED WITH
   1.11.2
