GEM
  remote: https://rubygems.org/
  specs:
    addressable (2.2.8)
    data_objects (0.10.12)
      addressable (~> 2.1)
    dm-aggregates (1.2.0)
      dm-core (~> 1.2.0)
    dm-core (1.2.0)
      addressable (~> 2.2.6)
    dm-do-adapter (1.2.0)
      data_objects (~> 0.10.6)
      dm-core (~> 1.2.0)
    dm-postgres-adapter (1.2.0)
      dm-do-adapter (~> 1.2.0)
      do_postgres (~> 0.10.6)
    dm-timestamps (1.2.0)
      dm-core (~> 1.2.0)
    dm-validations (1.2.0)
      dm-core (~> 1.2.0)
    do_postgres (0.10.12)
      data_objects (= 0.10.12)
    foreman (0.62.0)
      thor (>= 0.13.6)
    multi_json (1.7.2)
    newrelic_rpm (3.6.0.83)
    puma (1.6.3)
      rack (~> 1.2)
    r18n-core (1.1.4)
    rack (1.5.2)
    rack-protection (1.5.0)
      rack
    rack-test (0.6.2)
      rack (>= 1.0)
    rack-timeout (0.0.3)
    rb-fsevent (0.9.3)
    redcarpet (2.2.2)
    sass (3.2.7)
    shotgun (0.9)
      rack (>= 1.0)
    simplecov (0.7.1)
      multi_json (~> 1.0)
      simplecov-html (~> 0.7.1)
    simplecov-html (0.7.1)
    sinatra (1.4.2)
      rack (~> 1.5, >= 1.5.2)
      rack-protection (~> 1.4)
      tilt (~> 1.3, >= 1.3.4)
    sinatra-flash-nicer (0.3.2)
      sinatra (>= 1.0.0)
    sinatra-r18n (1.1.4)
      r18n-core (= 1.1.4)
      sinatra (>= 1.3)
    sinatra-redirect-with-flash (0.2.0)
      sinatra (>= 1.0.0)
    thor (0.18.1)
    tilt (1.3.7)

PLATFORMS
  ruby

DEPENDENCIES
  dm-aggregates
  dm-core
  dm-postgres-adapter
  dm-timestamps
  dm-validations
  foreman
  newrelic_rpm
  puma
  rack-test
  rack-timeout
  rb-fsevent
  redcarpet
  sass
  shotgun
  simplecov
  sinatra
  sinatra-flash-nicer
  sinatra-r18n
  sinatra-redirect-with-flash
